GEM
  remote: https://rubygems.org/
  specs:
    better_errors (2.0.0)
      coderay (>= 1.0.0)
      erubis (>= 2.6.6)
      rack (>= 0.9.0)
    bson (1.11.1)
    bson_ext (1.11.1)
      bson (~> 1.11.1)
    coderay (1.1.0)
    diff-lcs (1.2.5)
    erubis (2.7.0)
    kgio (2.9.2)
    mongo (1.11.1)
      bson (= 1.11.1)
    rack (1.5.2)
    rack-protection (1.5.3)
      rack
    rack-test (0.6.2)
      rack (>= 1.0)
    raindrops (0.13.0)
    rake (10.3.2)
    rspec (3.1.0)
      rspec-core (~> 3.1.0)
      rspec-expectations (~> 3.1.0)
      rspec-mocks (~> 3.1.0)
    rspec-core (3.1.5)
      rspec-support (~> 3.1.0)
    rspec-expectations (3.1.2)
      diff-lcs (>= 1.2.0, < 2.0)
      rspec-support (~> 3.1.0)
    rspec-mocks (3.1.2)
      rspec-support (~> 3.1.0)
    rspec-support (3.1.1)
    shotgun (0.9)
      rack (>= 1.0)
    sinatra (1.4.5)
      rack (~> 1.4)
      rack-protection (~> 1.4)
      tilt (~> 1.3, >= 1.3.4)
    tilt (1.4.1)
    unicorn (4.8.3)
      kgio (~> 2.6)
      rack
      raindrops (~> 0.7)

PLATFORMS
  ruby

DEPENDENCIES
  better_errors (= 2.0.0)
  bson_ext (= 1.11.1)
  bundler (= 1.7.3)
  mongo (= 1.11.1)
  rack-test (= 0.6.2)
  rake (= 10.3.2)
  rspec (= 3.1.0)
  shotgun (= 0.9)
  sinatra (= 1.4.5)
  unicorn (= 4.8.3)
